GEM
  remote: http://rubygems.org/
  specs:
    RedCloth (4.2.7)
    builder (3.0.0)
    diff-lcs (1.1.2)
    haml (3.0.25)
    hpricot (0.8.3)
    maruku (0.6.0)
      syntax (>= 1.0.0)
    nokogiri (1.4.4)
    rack (1.2.2)
    rack-codehighlighter (0.4.7)
      nokogiri (>= 1.4.1)
      rack (>= 1.0.0)
    rack-test (0.5.6)
      rack (>= 1.0)
    rspec (2.5.0)
      rspec-core (~> 2.5.0)
      rspec-expectations (~> 2.5.0)
      rspec-mocks (~> 2.5.0)
    rspec-core (2.5.1)
    rspec-expectations (2.5.0)
      diff-lcs (~> 1.1.2)
    rspec-mocks (2.5.0)
    rspec_hpricot_matchers (1.0)
    shotgun (0.9)
      rack (>= 1.0)
    sinatra (1.3.0.a)
      rack (~> 1.2)
      tilt (< 2.0, >= 1.2.2)
    sinatra-cache (0.3.6)
      sinatra (>= 1.1.0)
      sinatra-outputbuffer (>= 0.1.0)
    sinatra-outputbuffer (0.1.0)
      sinatra (>= 1.0.a)
    spox-plist (3.0.1)
    spox-textpow (0.10.3)
      spox-plist
    spox-ultraviolet (0.10.5)
      spox-textpow
    syntax (1.0.0)
    test-unit (2.1.1)
    tilt (1.2.2)

PLATFORMS
  ruby

DEPENDENCIES
  RedCloth
  builder
  haml
  hpricot (= 0.8.3)
  maruku
  nokogiri
  rack-codehighlighter
  rack-test (= 0.5.6)
  rspec (>= 2.1)
  rspec_hpricot_matchers (>= 1.0)
  shotgun
  sinatra
  sinatra-cache
  spox-ultraviolet
  test-unit (= 2.1.1)
